GEM
  specs:
    concurrent-ruby (1.1.5)
    faker (1.9.3)
      i18n (>= 0.7)
    i18n (0.9.5)
      concurrent-ruby (~> 1.0)

PLATFORMS
  ruby

DEPENDENCIES
  faker (= 1.9.3)

BUNDLED WITH
   2.0.1
